PATH
  remote: .
  specs:
    bugsify (2.0.0)

GEM
  remote: https://rubygems.org/
  specs:
    actionmailer (2.3.2)
      actionpack (= 2.3.2)
    actionpack (2.3.2)
      activesupport (= 2.3.2)
    activerecord (2.3.2)
      activesupport (= 2.3.2)
    activeresource (2.3.2)
      activesupport (= 2.3.2)
    activesupport (2.3.2)
    ast (2.4.2)
    awesome_print (1.9.2)
    debug (1.6.3)
      irb (>= 1.3.6)
      reline (>= 0.3.1)
    diff-lcs (1.5.0)
    io-console (0.5.11)
    irb (1.4.2)
      reline (>= 0.3.0)
    jaro_winkler (1.5.4)
    mustermann (2.0.2)
      ruby2_keywords (~> 0.0.1)
    padrino (0.1.3)
      padrino-core (= 0.1.3)
      padrino-helpers (= 0.1.3)
      padrino-mailer (= 0.1.3)
      padrino-routing (= 0.1.3)
      sinatra (>= 0.9.2)
    padrino-core (0.1.3)
      sinatra (>= 0.9.2)
      thor (>= 0.11.8)
    padrino-helpers (0.1.3)
      padrino-core (>= 0.1.1)
      sinatra (>= 0.9.2)
    padrino-mailer (0.1.3)
      padrino-core (>= 0.1.1)
      sinatra (>= 0.9.2)
      tilt (>= 0.2)
    padrino-routing (0.1.3)
      padrino-core (>= 0.1.1)
      sinatra (>= 0.9.2)
    parallel (1.22.1)
    parser (2.7.2.0)
      ast (~> 2.4.1)
    rack (2.2.9)
    rack-protection (2.2.2)
      rack
    rails (2.3.2)
      actionmailer (= 2.3.2)
      actionpack (= 2.3.2)
      activerecord (= 2.3.2)
      activeresource (= 2.3.2)
      activesupport (= 2.3.2)
      rake (>= 0.8.3)
    rainbow (3.1.1)
    rake (13.0.6)
    reline (0.3.1)
      io-console (~> 0.5)
    rexml (3.2.5)
    rspec (3.12.0)
      rspec-core (~> 3.12.0)
      rspec-expectations (~> 3.12.0)
      rspec-mocks (~> 3.12.0)
    rspec-core (3.12.0)
      rspec-support (~> 3.12.0)
    rspec-expectations (3.12.0)
      diff-lcs (>= 1.2.0, < 2.0)
      rspec-support (~> 3.12.0)
    rspec-mocks (3.12.0)
      diff-lcs (>= 1.2.0, < 2.0)
      rspec-support (~> 3.12.0)
    rspec-support (3.12.0)
    rubocop (0.82.0)
      jaro_winkler (~> 1.5.1)
      parallel (~> 1.10)
      parser (>= 2.7.0.1)
      rainbow (>= 2.2.2, < 4.0)
      rexml
      ruby-progressbar (~> 1.7)
      unicode-display_width (>= 1.4.0, < 2.0)
    rubocop-shopify (1.0.2)
      rubocop (~> 0.82.0)
    ruby-progressbar (1.11.0)
    ruby2_keywords (0.0.5)
    sinatra (2.2.2)
      mustermann (~> 2.0)
      rack (~> 2.2)
      rack-protection (= 2.2.2)
      tilt (~> 2.0)
    solargraph (0.13.0)
      parser (~> 2.4)
      sinatra (~> 2)
      thor (~> 0.19, >= 0.19.4)
      yard (~> 0.9)
    thor (0.20.3)
    tilt (2.0.11)
    unicode-display_width (1.8.0)
    webrick (1.7.0)
    yard (0.9.28)
      webrick (~> 1.7.0)

PLATFORMS
  arm64-darwin-21
  arm64-darwin-22
  x86_64-linux

DEPENDENCIES
  awesome_print
  bugsify!
  debug
  padrino
  rails
  rake
  rspec
  rubocop-shopify
  sinatra
  solargraph

BUNDLED WITH
   2.4.6
